PATH
  remote: .
  specs:
    api-moip-assinaturas (0.0.6)

GEM
  remote: http://rubygems.org/
  specs:
    activemodel (3.2.12)
      activesupport (= 3.2.12)
      builder (~> 3.0.0)
    activesupport (3.2.12)
      i18n (~> 0.6)
      multi_json (~> 1.0)
    builder (3.0.4)
    httparty (0.11.0)
      multi_json (~> 1.0)
      multi_xml (>= 0.5.2)
    i18n (0.6.4)
    json (1.7.7)
    multi_json (1.7.4)
    multi_xml (0.5.3)

PLATFORMS
  ruby

DEPENDENCIES
  activemodel (~> 3.2.12, >= 3.2.12)
  api-moip-assinaturas!
  httparty (~> 0.11.0, >= 0.11.0)
  json (~> 1.7.7, >= 1.7.7)
